GEM
  remote: https://rubygems.org/
  specs:
    addressable (2.7.0)
      public_suffix (>= 2.0.2, < 5.0)
    aws-eventstream (1.0.3)
    aws-sdk (2.11.365)
      aws-sdk-resources (= 2.11.365)
    aws-sdk-core (2.11.365)
      aws-sigv4 (~> 1.0)
      jmespath (~> 1.0)
    aws-sdk-resources (2.11.365)
      aws-sdk-core (= 2.11.365)
    aws-sigv4 (1.1.0)
      aws-eventstream (~> 1.0, >= 1.0.2)
    colorator (1.1.0)
    colored (1.2)
    configure-s3-website (2.3.0)
      aws-sdk (~> 2)
      deep_merge (~> 1.0.0)
    deep_merge (1.0.1)
    dotenv (1.0.2)
    ffi (1.12.2)
    forwardable-extended (2.6.0)
    jekyll (3.6.3)
      addressable (~> 2.4)
      colorator (~> 1.0)
      jekyll-sass-converter (~> 1.0)
      jekyll-watch (~> 1.1)
      kramdown (~> 1.14)
      liquid (~> 4.0)
      mercenary (~> 0.3.3)
      pathutil (~> 0.9)
      rouge (>= 1.7, < 3)
      safe_yaml (~> 1.0)
    jekyll-feed (0.10.0)
      jekyll (~> 3.3)
    jekyll-paginate (1.1.0)
    jekyll-redirect-from (0.14.0)
      jekyll (~> 3.3)
    jekyll-sass-converter (1.5.2)
      sass (~> 3.4)
    jekyll-watch (1.5.1)
      listen (~> 3.0)
    jmespath (1.4.0)
    kramdown (1.17.0)
    liquid (4.0.3)
    listen (3.2.1)
      rb-fsevent (~> 0.10, >= 0.10.3)
      rb-inotify (~> 0.9, >= 0.9.10)
    mercenary (0.3.6)
    pathutil (0.16.2)
      forwardable-extended (~> 2.6)
    public_suffix (4.0.3)
    rb-fsevent (0.10.3)
    rb-inotify (0.10.1)
      ffi (~> 1.0)
    rouge (2.2.1)
    s3_website (3.4.0)
      colored (= 1.2)
      configure-s3-website (= 2.3.0)
      dotenv (~> 1.0)
      thor (~> 0.18)
    safe_yaml (1.0.5)
    sass (3.7.4)
      sass-listen (~> 4.0.0)
    sass-listen (4.0.0)
      rb-fsevent (~> 0.9, >= 0.9.4)
      rb-inotify (~> 0.9, >= 0.9.7)
    thor (0.20.3)

PLATFORMS
  ruby

DEPENDENCIES
  jekyll (~> 3.6.3)
  jekyll-feed (~> 0.6)
  jekyll-paginate
  jekyll-redirect-from
  s3_website
  tzinfo-data

RUBY VERSION
   ruby 2.6.5p114

BUNDLED WITH
   1.17.3
